PATH
  remote: .
  specs:
    waitest (0.1.5)

GEM
  remote: https://rubygems.org/
  specs:
    gem-release (2.2.2)
    rake (13.1.0)

PLATFORMS
  x86_64-linux

DEPENDENCIES
  gem-release
  rake (~> 13.0)
  waitest!

BUNDLED WITH
   2.4.20
